GEM
  remote: https://rubygems.org/
  specs:
    colorize (0.8.1)
    descriptive_statistics (2.5.1)
    diff-lcs (1.3)
    dotenv (2.2.1)
    httmultiparty (0.3.16)
      httparty (>= 0.7.3)
      mimemagic
      multipart-post
    httparty (0.15.6)
      multi_xml (>= 0.5.2)
    matrix_extensions (0.0.5)
    mimemagic (0.3.2)
    multi_json (1.12.2)
    multi_xml (0.6.0)
    multipart-post (2.0.0)
    rack (1.6.8)
    rack-protection (1.5.3)
      rack
    rspec (3.7.0)
      rspec-core (~> 3.7.0)
      rspec-expectations (~> 3.7.0)
      rspec-mocks (~> 3.7.0)
    rspec-core (3.7.0)
      rspec-support (~> 3.7.0)
    rspec-expectations (3.7.0)
      diff-lcs (>= 1.2.0, < 2.0)
      rspec-support (~> 3.7.0)
    rspec-mocks (3.7.0)
      diff-lcs (>= 1.2.0, < 2.0)
      rspec-support (~> 3.7.0)
    rspec-support (3.7.0)
    sinatra (1.4.8)
      rack (~> 1.5)
      rack-protection (~> 1.4)
      tilt (>= 1.3, < 3)
    strava-api-v3 (0.7.0)
      httmultiparty
      multi_json
    supervised_learning (0.0.3)
      descriptive_statistics
      matrix_extensions
    tilt (2.0.8)

PLATFORMS
  ruby

DEPENDENCIES
  colorize
  dotenv
  rspec
  sinatra
  strava-api-v3
  supervised_learning

BUNDLED WITH
   1.13.7
